NRRD0005
# Complete NRRD file format specification at:
# http://teem.sourceforge.net/nrrd/format.html
type: float
dimension: 4
space: right-anterior-superior
sizes: 9 144 144 85
space directions: none (-1.6667000000000003,0,0) (0,-1.6667000000000003,0) (0,0,-1.7)
kinds: 3D-matrix domain domain domain
endian: little
encoding: gzip
space origin: (119.16900000000001,119.16900000000001,71.400000000000006)
measurement frame: (-1,0,0) (0,-1,0) (0,0,-1)
data file: DTIBrain.raw.gz
